PATH
  remote: .
  specs:
    rpm-get (0.0.1)

GEM
  remote: https://rubygems.org/
  specs:
    benchmark (0.4.0)
    erubi (1.13.1)
    faraday (2.12.2)
      faraday-net_http (>= 2.0, < 3.5)
      json
      logger
    faraday-net_http (3.4.0)
      net-http (>= 0.5.0)
    json (2.10.2)
    logger (1.6.6)
    net-http (0.6.0)
      uri
    netrc (0.11.0)
    parallel (1.26.3)
    prism (1.3.0)
    rbi (0.3.1)
      prism (~> 1.0)
      rbs (>= 3.4.4)
      sorbet-runtime (>= 0.5.9204)
    rbs (3.8.1)
      logger
    sorbet (0.5.11934)
      sorbet-static (= 0.5.11934)
    sorbet-runtime (0.5.11934)
    sorbet-static (0.5.11934-x86_64-linux)
    sorbet-static-and-runtime (0.5.11934)
      sorbet (= 0.5.11934)
      sorbet-runtime (= 0.5.11934)
    spoom (1.6.1)
      erubi (>= 1.10.0)
      prism (>= 0.28.0)
      rbi (>= 0.2.3)
      sorbet-static-and-runtime (>= 0.5.10187)
      thor (>= 0.19.2)
    tapioca (0.16.11)
      benchmark
      bundler (>= 2.2.25)
      netrc (>= 0.11.0)
      parallel (>= 1.21.0)
      rbi (~> 0.2)
      sorbet-static-and-runtime (>= 0.5.11087)
      spoom (>= 1.2.0)
      thor (>= 1.2.0)
      yard-sorbet
    thor (1.3.2)
    uri (1.0.3)
    yard (0.9.37)
    yard-sorbet (0.9.0)
      sorbet-runtime
      yard

PLATFORMS
  ruby
  x86_64-linux

DEPENDENCIES
  faraday
  rpm-get!
  sorbet
  sorbet-runtime
  tapioca

BUNDLED WITH
   2.6.6
