PATH
  remote: .
  specs:
    rpm-get (0.0.1)

GEM
  remote: https://rubygems.org/
  specs:
    addressable (2.8.7)
      public_suffix (>= 2.0.2, < 7.0)
    down (5.4.2)
      addressable (~> 2.8)
    ethon (0.16.0)
      ffi (>= 1.15.0)
    faraday (2.12.2)
      faraday-net_http (>= 2.0, < 3.5)
      json
      logger
    faraday-net_http (3.4.0)
      net-http (>= 0.5.0)
    ffi (1.17.1)
    ffi (1.17.1-x86_64-linux-gnu)
    json (2.10.2)
    logger (1.6.6)
    net-http (0.6.0)
      uri
    public_suffix (6.0.1)
    ruby-progressbar (1.13.0)
    strings-ansi (0.2.0)
    tty-cursor (0.7.1)
    tty-progressbar (0.18.3)
      strings-ansi (~> 0.2)
      tty-cursor (~> 0.7)
      tty-screen (~> 0.8)
      unicode-display_width (>= 1.6, < 3.0)
    tty-screen (0.8.2)
    typhoeus (1.4.1)
      ethon (>= 0.9.0)
    unicode-display_width (2.6.0)
    uri (1.0.3)

PLATFORMS
  ruby
  x86_64-linux

DEPENDENCIES
  down
  faraday
  rpm-get!
  ruby-progressbar
  tty-progressbar
  typhoeus

BUNDLED WITH
   2.6.6
